GEM
  remote: http://rubygems.org/
  specs:
    chunky_png (1.2.7)
    coffee-script (2.2.0)
      coffee-script-source
      execjs
    coffee-script-source (1.4.0)
    compass (0.12.2)
      chunky_png (~> 1.2)
      fssm (>= 0.2.7)
      sass (~> 3.1)
    execjs (1.4.0)
      multi_json (~> 1.0)
    fssm (0.2.9)
    jsmin (1.0.1)
    multi_json (1.5.0)
    mustache (0.99.4)
    rack (1.4.4)
    rack-protection (1.3.2)
      rack
    rack-test (0.6.2)
      rack (>= 1.0)
    sass (3.2.5)
    sinatra (1.3.3)
      rack (~> 1.3, >= 1.3.6)
      rack-protection (~> 1.2)
      tilt (~> 1.3, >= 1.3.3)
    sinatra-assetpack (0.1.0)
      jsmin
      rack-test
      sinatra
      tilt (>= 1.3.0)
    sinatra-support (1.2.2)
      sinatra (>= 1.0)
    tilt (1.3.3)

PLATFORMS
  java
  ruby

DEPENDENCIES
  coffee-script
  compass
  mustache
  sinatra
  sinatra-assetpack
  sinatra-support
